GEM
  remote: https://rubygems.org/
  specs:
    docopt (0.6.1)
    mini_portile2 (2.3.0)
    nokogiri (1.8.4)
      mini_portile2 (~> 2.3.0)
    osc-ruby (1.1.1)
    sonic-pi-cli (0.1.1)
      osc-ruby

PLATFORMS
  ruby

DEPENDENCIES
  docopt
  nokogiri
  sonic-pi-cli

BUNDLED WITH
   1.17.2
